GEM
  remote: http://rubygems.org/
  specs:
    facter (2.5.6)
    hiera (1.3.4)
      json_pure
    json_pure (2.2.0)
    puppet (3.6.2)
      facter (> 1.6, < 3)
      hiera (~> 1.0)
      json_pure
      rgen (~> 0.6.5)
    puppet-lint (0.3.2)
    rake (0.9.2.2)
    rgen (0.6.6)

PLATFORMS
  ruby

DEPENDENCIES
  puppet (>= 2.7)
  puppet-lint
  rake
