GEM
  remote: http://rubygems.org/
  specs:
    facter (1.6.13)
    hiera (1.0.0)
    puppet (3.0.1)
      facter (~> 1.6.11)
      hiera (~> 1.0.0)
    puppet-lint (0.3.2)
    rake (12.3.3)

PLATFORMS
  ruby

DEPENDENCIES
  puppet (>= 2.7)
  puppet-lint
  rake
